PATH
  remote: .
  specs:
    callgraph (0.1.0)
      sqlite3 (~> 1.3)

GEM
  remote: https://rubygems.org/
  specs:
    metaclass (0.0.4)
    minitest (5.10.3)
    mocha (1.2.1)
      metaclass (~> 0.0.1)
    rake (12.3.0)
    sqlite3 (1.3.13)

PLATFORMS
  ruby

DEPENDENCIES
  bundler (~> 1.16.a)
  callgraph!
  minitest (~> 5.0)
  mocha (~> 1.0)
  rake

BUNDLED WITH
   1.16.0
