PATH
  remote: .
  specs:
    callgraph (0.1.0)
      sqlite3 (~> 1.3)

GEM
  remote: https://rubygems.org/
  specs:
    minitest (5.10.3)
    sqlite3 (1.3.13)

PLATFORMS
  ruby

DEPENDENCIES
  bundler (~> 1.16.a)
  callgraph!
  minitest (~> 5.0)

BUNDLED WITH
   1.16.0
